GEM
  remote: https://rubygems.org/
  specs:
    awesome_print (1.7.0)
    byebug (9.0.5)
    coderay (1.1.1)
    dotenv (2.0.2)
    httparty (0.13.7)
      json (~> 1.8)
      multi_xml (>= 0.5.2)
    json (1.8.3)
    method_source (0.8.2)
    multi_xml (0.5.5)
    pry (0.10.4)
      coderay (~> 1.1.0)
      method_source (~> 0.8.1)
      slop (~> 3.4)
    pry-byebug (3.4.0)
      byebug (~> 9.0)
      pry (~> 0.10)
    slop (3.6.0)

PLATFORMS
  ruby

DEPENDENCIES
  awesome_print
  dotenv
  httparty
  pry-byebug

BUNDLED WITH
   1.12.5
